GEM
  remote: https://rubygems.org/
  specs:
    cinch (2.2.5)
    json (1.8.3)
    mini_portile (0.6.2)
    nokogiri (1.6.6.2)
      mini_portile (~> 0.6.0)

PLATFORMS
  ruby

DEPENDENCIES
  cinch
  json
  nokogiri

BUNDLED WITH
   1.10.3
